GEM
  remote: https://rubygems.org/
  specs:
    addressable (2.5.0)
      public_suffix (~> 2.0, >= 2.0.2)
    capistrano (2.15.9)
      highline
      net-scp (>= 1.0.0)
      net-sftp (>= 2.0.0)
      net-ssh (>= 2.0.14)
      net-ssh-gateway (>= 1.1.0)
    colorator (1.1.0)
    fastimage (1.6.8)
      addressable (~> 2.3, >= 2.3.5)
    ffi (1.9.17)
    forwardable-extended (2.6.0)
    haml (4.0.7)
      tilt
    highline (1.7.8)
    jekyll (3.4.0)
      addressable (~> 2.4)
      colorator (~> 1.0)
      jekyll-sass-converter (~> 1.0)
      jekyll-watch (~> 1.1)
      kramdown (~> 1.3)
      liquid (~> 3.0)
      mercenary (~> 0.3.3)
      pathutil (~> 0.9)
      rouge (~> 1.7)
      safe_yaml (~> 1.0)
    jekyll-archives (2.1.1)
      jekyll (>= 2.4)
    jekyll-compose (0.5.0)
      jekyll (>= 3.0.0)
    jekyll-email-protect (1.0.3)
    jekyll-feed (0.5.1)
    jekyll-haml (0.1.5)
      haml (>= 3.0.0)
      jekyll (>= 3.3.0)
    jekyll-picture-tag (0.3.0)
      fastimage (~> 1.6.4)
      jekyll (< 4)
      mini_magick (~> 3.8.0)
    jekyll-sass-converter (1.5.0)
      sass (~> 3.4)
    jekyll-sitemap (0.10.0)
    jekyll-titleize (0.1.0)
      titleize (~> 1.3)
    jekyll-watch (1.5.0)
      listen (~> 3.0, < 3.1)
    kramdown (1.13.2)
    liquid (3.0.6)
    listen (3.0.8)
      rb-fsevent (~> 0.9, >= 0.9.4)
      rb-inotify (~> 0.9, >= 0.9.7)
    mercenary (0.3.6)
    mini_magick (3.8.1)
      subexec (~> 0.2.1)
    net-scp (1.2.1)
      net-ssh (>= 2.6.5)
    net-sftp (2.1.2)
      net-ssh (>= 2.6.5)
    net-ssh (3.2.0)
    net-ssh-gateway (1.2.0)
      net-ssh (>= 2.6.5)
    octopress-hooks (2.6.2)
      jekyll (>= 2.0)
    octopress-image-tag (1.1.0)
      jekyll
    octopress-paginate (1.2.0)
      octopress-hooks
    pathutil (0.14.0)
      forwardable-extended (~> 2.6)
    public_suffix (2.0.5)
    rb-fsevent (0.9.8)
    rb-inotify (0.9.8)
      ffi (>= 0.5.0)
    rmagick (2.16.0)
    rouge (1.11.1)
    safe_yaml (1.0.4)
    sass (3.4.23)
    subexec (0.2.3)
    tilt (2.0.6)
    titleize (1.4.1)

PLATFORMS
  ruby

DEPENDENCIES
  capistrano (~> 2.15)
  jekyll
  jekyll-archives
  jekyll-compose
  jekyll-email-protect
  jekyll-feed
  jekyll-haml
  jekyll-picture-tag
  jekyll-sitemap
  jekyll-titleize
  octopress-image-tag
  octopress-paginate
  rmagick

BUNDLED WITH
   1.13.6
